GEM
  remote: http://rubygems.org/
  specs:
    activesupport (3.0.3)
    bcrypt-ruby (2.1.4)
    crack (0.1.8)
    diff-lcs (1.1.2)
    haml (3.0.25)
    httparty (0.4.5)
      crack (>= 0.1.1)
    json (1.5.1)
    kgio (2.1.1)
    rack (1.1.0)
    rack-flash (0.1.1)
      rack
    rack-test (0.5.6)
      rack (>= 1.0)
    rspec (2.4.0)
      rspec-core (~> 2.4.0)
      rspec-expectations (~> 2.4.0)
      rspec-mocks (~> 2.4.0)
    rspec-core (2.4.0)
    rspec-expectations (2.4.0)
      diff-lcs (~> 1.1.2)
    rspec-mocks (2.4.0)
    sequel (3.19.0)
    sinatra (1.1.2)
      rack (~> 1.1)
      tilt (~> 1.2)
    sinatra-sequel (0.9.0)
      sequel (>= 3.2.0)
      sinatra (>= 0.9.4)
    smulube-notifo (0.1.1)
      httparty (~> 0.4.5)
    sqlite3 (1.3.3)
    tilt (1.2.2)
    unicorn (3.3.1)
      kgio (~> 2.1)
      rack

PLATFORMS
  ruby

DEPENDENCIES
  activesupport (= 3.0.3)
  bcrypt-ruby (= 2.1.4)
  haml (= 3.0.25)
  json (= 1.5.1)
  rack-flash (= 0.1.1)
  rack-test (= 0.5.6)
  rspec (= 2.4.0)
  sequel (= 3.19.0)
  sinatra (= 1.1.2)
  sinatra-sequel (= 0.9.0)
  smulube-notifo (= 0.1.1)
  sqlite3 (= 1.3.3)
  unicorn (= 3.3.1)
