GEM
  remote: http://rubygems.org/
  specs:
    haml (3.0.24)
    less (1.2.21)
      mutter (>= 0.4.2)
      treetop (>= 1.4.2)
    mutter (0.5.3)
    polyglot (0.3.1)
    rack (1.1.0)
    rack-test (0.5.6)
      rack (>= 1.0)
    sequel (3.19.0)
    sinatra (1.1.2)
      rack (~> 1.1)
      tilt (~> 1.2)
    sinatra-sequel (0.9.0)
      sequel (>= 3.2.0)
      sinatra (>= 0.9.4)
    tilt (1.2.2)
    treetop (1.4.9)
      polyglot (>= 0.3.1)

PLATFORMS
  ruby

DEPENDENCIES
  haml (= 3.0.24)
  less (= 1.2.21)
  rack-test (= 0.5.6)
  sequel (= 3.19.0)
  sinatra (= 1.1.2)
  sinatra-sequel (= 0.9.0)
