GEM
  remote: http://rubygems.org/
  specs:
    crack (0.1.8)
    haml (3.0.25)
    httparty (0.4.5)
      crack (>= 0.1.1)
    json (1.5.1)
    kgio (2.1.1)
    notifo (0.1.0)
      httparty (~> 0.4.5)
    rack (1.1.0)
    rack-flash (0.1.1)
      rack
    rack-test (0.5.6)
      rack (>= 1.0)
    sequel (3.19.0)
    sinatra (1.1.2)
      rack (~> 1.1)
      tilt (~> 1.2)
    sinatra-sequel (0.9.0)
      sequel (>= 3.2.0)
      sinatra (>= 0.9.4)
    sqlite3 (1.3.3)
    tilt (1.2.2)
    unicorn (3.3.1)
      kgio (~> 2.1)
      rack

PLATFORMS
  ruby

DEPENDENCIES
  haml (= 3.0.25)
  json (= 1.5.1)
  notifo (= 0.1.0)
  rack-flash (= 0.1.1)
  rack-test (= 0.5.6)
  sequel (= 3.19.0)
  sinatra (= 1.1.2)
  sinatra-sequel (= 0.9.0)
  sqlite3 (= 1.3.3)
  unicorn (= 3.3.1)
